GEM
  remote: http://rubygems.org/
  specs:
    actionmailer (0.6.1)
      actionpack (>= 0.9.5)
    actionpack (1.4.0)
    activemodel (3.2.13)
      activesupport (= 3.2.13)
      builder (~> 3.0.0)
    activerecord (3.2.13)
      activemodel (= 3.2.13)
      activesupport (= 3.2.13)
      arel (~> 3.0.2)
      tzinfo (~> 0.3.29)
    activesupport (3.2.13)
      i18n (= 0.6.1)
      multi_json (~> 1.0)
    arel (3.0.2)
    backports (3.3.1)
    builder (3.0.4)
    descendants_tracker (0.0.1)
    diff-lcs (1.2.4)
    grape (0.4.1)
      activesupport
      builder
      hashie (>= 1.2.0)
      multi_json (>= 1.3.2)
      multi_xml (>= 0.5.2)
      rack (>= 1.3.0)
      rack-accept
      rack-mount
      virtus
    grape-swagger (0.5.0)
      grape (>= 0.2.0)
      kramdown
    hashie (2.0.5)
    i18n (0.6.1)
    json (1.7.7)
    kramdown (1.0.2)
    multi_json (1.7.6)
    multi_xml (0.5.4)
    mysql2 (0.3.11)
    rack (1.5.5)
    rack-accept (0.4.5)
      rack (>= 0.4)
    rack-cors (1.0.2)
    rack-mount (0.8.3)
      rack (>= 1.0.0)
    rack-test (0.6.2)
      rack (>= 1.0)
    rails (0.9.5)
      actionmailer (>= 0.6.1)
      actionpack (>= 1.4.0)
      activerecord (>= 1.6.0)
      rake (>= 0.4.15)
    rake (10.0.4)
    rspec (2.13.0)
      rspec-core (~> 2.13.0)
      rspec-expectations (~> 2.13.0)
      rspec-mocks (~> 2.13.0)
    rspec-core (2.13.1)
    rspec-expectations (2.13.0)
      diff-lcs (>= 1.1.3, < 2.0)
    rspec-mocks (2.13.1)
    schema_plus (0.4.1)
      rails
      valuable
    shotgun (0.9)
      rack (>= 1.0)
    tzinfo (0.3.37)
    valuable (0.9.8)
    virtus (0.5.5)
      backports (~> 3.3)
      descendants_tracker (~> 0.0.1)

PLATFORMS
  ruby

DEPENDENCIES
  activerecord (~> 3.2.13)
  grape (~> 0.4.1)
  grape-swagger
  json (~> 1.7.7)
  mysql2 (~> 0.3.11)
  rack (~> 1.5.2)
  rack-cors (>= 0.4.1)
  rack-test
  rake (~> 10.0.4)
  rspec
  schema_plus (~> 0.4.1)
  shotgun

BUNDLED WITH
   1.16.3
